GEM
  remote: https://rubygems.org/
  specs:
    ffi (1.16.3)
    json (2.7.2)
    natto (1.2.0)
      ffi (>= 1.9.0)
    nkf (0.2.0)
    nokogiri (1.16.4-arm64-darwin)
      racc (~> 1.4)
    racc (1.7.3)

PLATFORMS
  arm64-darwin-22

DEPENDENCIES
  json
  natto
  nkf
  nokogiri

BUNDLED WITH
   2.4.17
